PATH
  remote: .
  specs:
    blame (1.0.0)

GEM
  specs:

PLATFORMS
  ruby

DEPENDENCIES
  blame!
